GEM
  remote: https://rubygems.org/
  specs:
    adsf (1.2.0)
      rack (>= 1.0.0)
    builder (3.1.4)
    colored (1.2)
    cri (2.6.1)
      colored (~> 1.2)
    flickraw (0.9.8)
    httparty (0.13.1)
      json (~> 1.8)
      multi_xml (>= 0.5.2)
    httpclient (2.4.0)
    json (1.8.1)
    kramdown (1.4.0)
    multi_xml (0.5.5)
    multipart-post (2.0.0)
    nanoc (3.7.1)
      cri (~> 2.3)
    oauth (0.4.7)
    rack (1.5.2)
    vimeo (1.5.4)
      httparty (>= 0.4.5)
      httpclient (>= 2.1.5.2)
      json (>= 1.1.9)
      multipart-post (>= 1.0.1)
      oauth (>= 0.4.3)

PLATFORMS
  ruby

DEPENDENCIES
  adsf
  builder
  flickraw
  kramdown
  nanoc
  vimeo
