GEM
  remote: https://rubygems.org/
  specs:
    activesupport (4.1.4)
      i18n (~> 0.6, >= 0.6.9)
      json (~> 1.7, >= 1.7.7)
      minitest (~> 5.1)
      thread_safe (~> 0.1)
      tzinfo (~> 1.1)
    adsf (1.2.0)
      rack (>= 1.0.0)
    builder (3.1.4)
    colored (1.2)
    cri (2.6.1)
      colored (~> 1.2)
    excon (0.37.0)
    flickraw (0.9.8)
    goodreads (0.3.0)
      activesupport (>= 3)
      hashie (~> 2.0)
      i18n (~> 0.5)
      oauth (~> 0.4)
      rest-client (~> 1.6)
    hashie (2.1.2)
    httparty (0.13.1)
      json (~> 1.8)
      multi_xml (>= 0.5.2)
    httpclient (2.4.0)
    i18n (0.6.11)
    jeff (1.0.1)
      excon (>= 0.22.1)
    json (1.8.1)
    kramdown (1.4.0)
    mime-types (2.3)
    minitest (5.4.0)
    multi_xml (0.5.5)
    multipart-post (2.0.0)
    nanoc (3.7.1)
      cri (~> 2.3)
    netrc (0.7.7)
    oauth (0.4.7)
    rack (1.5.2)
    rest-client (1.7.1)
      mime-types (>= 1.16, < 3.0)
      netrc (~> 0.7)
    thread_safe (0.3.4)
    tzinfo (1.2.1)
      thread_safe (~> 0.1)
    vacuum (1.1.1)
      jeff (~> 1.0)
      multi_xml (~> 0.5.0)
    vimeo (1.5.4)
      httparty (>= 0.4.5)
      httpclient (>= 2.1.5.2)
      json (>= 1.1.9)
      multipart-post (>= 1.0.1)
      oauth (>= 0.4.3)

PLATFORMS
  ruby

DEPENDENCIES
  adsf
  builder
  flickraw
  goodreads
  kramdown
  nanoc
  vacuum
  vimeo
